GEM
  remote: http://rubygems.org/
  specs:
    activesupport (3.2.13)
      i18n (= 0.6.1)
      multi_json (~> 1.0)
    diff-lcs (1.2.4)
    i18n (0.6.1)
    macaddr (1.6.1)
      systemu (~> 2.5.0)
    multi_json (1.7.7)
    rake (10.1.0)
    rspec (2.13.0)
      rspec-core (~> 2.13.0)
      rspec-expectations (~> 2.13.0)
      rspec-mocks (~> 2.13.0)
    rspec-core (2.13.1)
    rspec-expectations (2.13.0)
      diff-lcs (>= 1.1.3, < 2.0)
    rspec-mocks (2.13.1)
    systemu (2.5.2)
    uuid (2.3.7)
      macaddr (~> 1.0)
    validatable (1.6.7)

PLATFORMS
  ruby

DEPENDENCIES
  activesupport (>= 2.3.8)
  rake
  rspec
  uuid (>= 2.3.1)
  validatable (>= 1.6.7)
